GEM
  remote: https://ruby.taobao.org/
  specs:
    emoji_for_jekyll (0.2.1)

PLATFORMS
  ruby

DEPENDENCIES
  emoji_for_jekyll (~> 0.2)
